GEM
  remote: https://rubygems.org/
  specs:
    algorithms (1.0.1)

PLATFORMS
  ruby
  x86_64-linux

DEPENDENCIES
  algorithms (~> 1.0)

BUNDLED WITH
   2.6.1
